PATH
  remote: .
  specs:
    vajra (0.1.0)

GEM
  remote: https://rubygems.org/
  specs:
    bindata (2.4.3)
    diff-lcs (1.3)
    docile (1.3.0)
    ffi (1.9.23)
    hammer-parser (0.2.1)
      docile (~> 1.1)
      ffi (~> 1.9)
    rake (10.5.0)
    rspec (3.7.0)
      rspec-core (~> 3.7.0)
      rspec-expectations (~> 3.7.0)
      rspec-mocks (~> 3.7.0)
    rspec-core (3.7.1)
      rspec-support (~> 3.7.0)
    rspec-expectations (3.7.0)
      diff-lcs (>= 1.2.0, < 2.0)
      rspec-support (~> 3.7.0)
    rspec-mocks (3.7.0)
      diff-lcs (>= 1.2.0, < 2.0)
      rspec-support (~> 3.7.0)
    rspec-support (3.7.1)

PLATFORMS
  ruby

DEPENDENCIES
  bindata
  bundler (~> 1.16)
  hammer-parser
  rake (~> 10.0)
  rspec (~> 3.0)
  vajra!

BUNDLED WITH
   1.16.1
